PATH
  remote: .
  specs:
    punch_stats (0.1.0)
      sinatra

GEM
  remote: https://rubygems.org/
  specs:
    byebug (10.0.2)
    coderay (1.1.2)
    method_source (0.9.0)
    minitest (5.11.3)
    mustermann (1.0.2)
    pry (0.11.3)
      coderay (~> 1.1.0)
      method_source (~> 0.9.0)
    pry-byebug (3.6.0)
      byebug (~> 10.0)
      pry (~> 0.10)
    pry-doc (0.13.4)
      pry (~> 0.11)
      yard (~> 0.9.11)
    rack (2.0.5)
    rack-protection (2.0.3)
      rack
    rake (10.5.0)
    sinatra (2.0.3)
      mustermann (~> 1.0)
      rack (~> 2.0)
      rack-protection (= 2.0.3)
      tilt (~> 2.0)
    tilt (2.0.8)
    yard (0.9.15)

PLATFORMS
  ruby

DEPENDENCIES
  bundler
  minitest
  pry
  pry-byebug
  pry-doc
  punch_stats!
  rake

BUNDLED WITH
   1.16.2
